PATH
  remote: .
  specs:
    viddl-rb (0.6)
      nokogiri

GEM
  remote: http://rubygems.org/
  specs:
    mime-types (1.17.2)
    minitest (2.11.3)
    nokogiri (1.5.0)
    rake (0.9.2.2)
    rest-client (1.6.7)
      mime-types (>= 1.16)

PLATFORMS
  java
  ruby

DEPENDENCIES
  minitest
  rake
  rest-client
  viddl-rb!
