PATH
  remote: .
  specs:
    viddl-rb (0.61)
      nokogiri

GEM
  remote: http://rubygems.org/
  specs:
    mime-types (1.18)
    minitest (2.12.1)
    nokogiri (1.5.2)
    nokogiri (1.5.2-java)
    rake (0.9.2.2)
    rest-client (1.6.7)
      mime-types (>= 1.16)

PLATFORMS
  java
  ruby

DEPENDENCIES
  minitest
  rake
  rest-client
  viddl-rb!
